GEM
  remote: https://rubygems.org/
  specs:
    git (1.10.2)
      rchardet (~> 1.8)
    httparty (0.21.0)
      mini_mime (>= 1.0.0)
      multi_xml (>= 0.5.2)
    mini_mime (1.1.2)
    mini_portile2 (2.8.0)
    multi_xml (0.6.0)
    nokogiri (1.13.4)
      mini_portile2 (~> 2.8.0)
      racc (~> 1.4)
    racc (1.6.0)
    rchardet (1.8.0)

PLATFORMS
  ruby

DEPENDENCIES
  git
  httparty
  nokogiri

BUNDLED WITH
   2.2.15
